PATH
  remote: .
  specs:
    anas (0.1.0)
      commander (~> 4.5.2)

GEM
  remote: https://rubygems.org/
  specs:
    commander (4.5.2)
      highline (~> 2.0.0)
    highline (2.0.3)
    rake (12.3.3)

PLATFORMS
  ruby

DEPENDENCIES
  anas!
  bundler
  rake (~> 12.0)

BUNDLED WITH
   2.1.2
